GEM
  remote: https://rubygems.org/
  specs:
    chronic (0.10.2)
    colorize (0.7.7)
    terminal-table (1.4.5)

PLATFORMS
  ruby

DEPENDENCIES
  chronic
  colorize
  terminal-table

BUNDLED WITH
   1.11.2
